GIT
  remote: https://github.com/guard/guard-less.git
  revision: ba2db5c404b2498de1b4480d3be397e9288c2c8b
  specs:
    guard-less (0.1.0)
      guard (>= 0.2.2)
      less (~> 2.0.5)

GIT
  remote: https://github.com/mybuddymichael/guard-rocco.git
  revision: 806a8d01c49895b8e9c4322a3cf253f601b4c5a9
  specs:
    guard-rocco (0.0.4)
      guard (>= 0.4.0)
      rocco

GIT
  remote: https://github.com/rtomayko/rocco.git
  revision: f2e91e5b46ce7cc86ee62a34924e70c5b102ffe8
  specs:
    rocco (0.8.2)
      mustache
      redcarpet

GEM
  remote: http://rubygems.org/
  specs:
    addressable (2.2.6)
    em-websocket (0.3.1)
      addressable (>= 2.1.1)
      eventmachine (>= 0.12.9)
    eventmachine (0.12.10)
    guard (0.8.2)
      thor (~> 0.14.6)
    guard-livereload (0.3.1)
      em-websocket (>= 0.2.0)
      guard (>= 0.4.0)
      multi_json (~> 1.0.3)
    less (2.0.7)
      therubyracer (~> 0.9.2)
    libv8 (3.3.10.2)
    multi_json (1.0.3)
    mustache (0.99.4)
    rb-fsevent (0.4.3.1)
    redcarpet (1.17.2)
    therubyracer (0.9.4)
      libv8 (~> 3.3.10)
    thor (0.14.6)

PLATFORMS
  ruby

DEPENDENCIES
  guard (~> 0.8.2)
  guard-less (~> 0.1.0)!
  guard-livereload (~> 0.3.1)
  guard-rocco (~> 0.0.4)!
  less (~> 2.0.7)
  rb-fsevent (~> 0.4.3)
  rocco (~> 0.8.2)!
