GEM
  remote: http://rubygems.org/
  specs:
    addressable (2.2.6)
    em-websocket (0.3.1)
      addressable (>= 2.1.1)
      eventmachine (>= 0.12.9)
    eventmachine (0.12.10)
    guard (0.8.1)
      thor (~> 0.14.6)
    guard-livereload (0.3.1)
      em-websocket (>= 0.2.0)
      guard (>= 0.4.0)
      multi_json (~> 1.0.3)
    guard-rocco (0.0.3)
      guard (>= 0.4.0)
      rocco
    multi_json (1.0.3)
    mustache (0.99.4)
    rb-fsevent (0.4.3.1)
    redcarpet (1.17.2)
    rocco (0.8.2)
      mustache
      redcarpet
    thor (0.14.6)

PLATFORMS
  ruby

DEPENDENCIES
  guard (~> 0.8.0)
  guard-livereload (~> 0.3.1)
  guard-rocco (~> 0.0.3)
  rb-fsevent (~> 0.4.3)
