GIT
  remote: https://github.com/johnbintz/guard-rocco.git
  revision: 8d28649533771dc6f4caeea02d2f3ce6fea108c9
  specs:
    guard-rocco (0.0.4)
      guard (>= 0.4.0)
      rocco

GIT
  remote: https://github.com/rtomayko/rocco.git
  revision: f2e91e5b46ce7cc86ee62a34924e70c5b102ffe8
  specs:
    rocco (0.8.2)
      mustache
      redcarpet

GEM
  remote: http://rubygems.org/
  specs:
    addressable (2.2.6)
    coffee-script (2.2.0)
      coffee-script-source
      execjs
    coffee-script-source (1.2.0)
    em-websocket (0.3.1)
      addressable (>= 2.1.1)
      eventmachine (>= 0.12.9)
    eventmachine (0.12.10)
    execjs (1.3.0)
      multi_json (~> 1.0)
    guard (0.8.2)
      thor (~> 0.14.6)
    guard-coffeescript (0.5.1)
      coffee-script (>= 2.2.0)
      guard (>= 0.8)
    guard-livereload (0.3.1)
      em-websocket (>= 0.2.0)
      guard (>= 0.4.0)
      multi_json (~> 1.0.3)
    guard-sass (0.5.4)
      guard (>= 0.4.0)
      sass (>= 3.1)
    multi_json (1.0.3)
    mustache (0.99.4)
    rb-fsevent (0.4.3.1)
    redcarpet (1.17.2)
    sass (3.1.15)
    thor (0.14.6)

PLATFORMS
  ruby

DEPENDENCIES
  coffee-script
  guard
  guard-coffeescript
  guard-livereload
  guard-rocco!
  guard-sass
  rb-fsevent
  rocco!
  sass
